PATH
  remote: .
  specs:
    logstash-input-http_file (0.1.8)
      concurrent-ruby (= 0.9.1)
      logstash-codec-plain (~> 1.0)
      logstash-core (>= 1.4.0)
      stud (~> 0.0.19)

GEM
  remote: https://rubygems.org/
  specs:
    ansi (1.5.0)
    builder (3.2.2)
    cabin (0.7.2)
    clamp (0.6.5)
    coderay (1.1.0)
    concurrent-ruby (0.9.1-java)
    diff-lcs (1.2.5)
    ffi (1.9.10-java)
    filesize (0.0.4)
    gem_publisher (1.5.0)
    gems (0.8.3)
    i18n (0.6.9)
    insist (1.0.0)
    jrjackson (0.3.8)
    jruby-openssl (0.9.13-java)
    kramdown (1.9.0)
    logstash-codec-plain (1.0.0)
      logstash-core (>= 1.4.0, < 2.0.0)
    logstash-core (1.5.5-java)
      cabin (~> 0.7.0)
      clamp (~> 0.6.5)
      concurrent-ruby (~> 0.9.1)
      filesize (= 0.0.4)
      gems (~> 0.8.3)
      i18n (= 0.6.9)
      jrjackson (~> 0.3.6)
      jruby-openssl (>= 0.9.11)
      minitar (~> 0.5.4)
      pry (~> 0.10.1)
      stud (~> 0.0.19)
      thread_safe (~> 0.3.5)
      treetop (< 1.5.0)
    logstash-devutils (0.0.18-java)
      gem_publisher
      insist (= 1.0.0)
      kramdown
      minitar
      rake
      rspec (~> 3.1.0)
      rspec-wait
      stud (>= 0.0.20)
    method_source (0.8.2)
    minitar (0.5.4)
    minitest (5.8.3)
    minitest-reporters (1.1.7)
      ansi
      builder
      minitest (>= 5.0)
      ruby-progressbar
    polyglot (0.3.5)
    pry (0.10.3-java)
      coderay (~> 1.1.0)
      method_source (~> 0.8.1)
      slop (~> 3.4)
      spoon (~> 0.0)
    rake (10.4.2)
    rspec (3.1.0)
      rspec-core (~> 3.1.0)
      rspec-expectations (~> 3.1.0)
      rspec-mocks (~> 3.1.0)
    rspec-core (3.1.7)
      rspec-support (~> 3.1.0)
    rspec-expectations (3.1.2)
      diff-lcs (>= 1.2.0, < 2.0)
      rspec-support (~> 3.1.0)
    rspec-mocks (3.1.3)
      rspec-support (~> 3.1.0)
    rspec-support (3.1.2)
    rspec-wait (0.0.8)
      rspec (>= 2.11, < 3.5)
    ruby-progressbar (1.7.5)
    slop (3.6.0)
    spoon (0.0.4)
      ffi
    stud (0.0.22)
    thread_safe (0.3.5-java)
    treetop (1.4.15)
      polyglot
      polyglot (>= 0.3.1)

PLATFORMS
  java

DEPENDENCIES
  logstash-devutils
  logstash-input-http_file!
  minitest
  minitest-reporters

BUNDLED WITH
   1.11.2
